GEM
  remote: https://rubygems.org/
  specs:
    bson (1.9.1)
    mongo (1.9.1)
      bson (~> 1.9.1)
    rake (10.0.3)

PLATFORMS
  ruby

DEPENDENCIES
  mongo
  rake
