GEM
  remote: https://rubygems.org/
  specs:
    activesupport (4.0.0)
      i18n (~> 0.6, >= 0.6.4)
      minitest (~> 4.2)
      multi_json (~> 1.3)
      thread_safe (~> 0.1)
      tzinfo (~> 0.3.37)
    atomic (1.1.10)
    bson (1.9.1)
    bson_ext (1.9.1)
      bson (~> 1.9.1)
    faker (1.2.0)
      i18n (~> 0.5)
    i18n (0.6.4)
    minitest (4.7.5)
    mongo (1.9.1)
      bson (~> 1.9.1)
    multi_json (1.7.7)
    rake (10.0.3)
    thread_safe (0.1.2)
      atomic
    tzinfo (0.3.37)

PLATFORMS
  ruby

DEPENDENCIES
  activesupport
  bson_ext
  faker
  mongo
  rake
