GEM
  remote: https://rubygems.org/
  specs:
    bson (1.9.1)
    bson_ext (1.9.1)
      bson (~> 1.9.1)
    faker (1.2.0)
      i18n (~> 0.5)
    i18n (0.6.4)
    mongo (1.9.1)
      bson (~> 1.9.1)
    rake (10.0.3)

PLATFORMS
  ruby

DEPENDENCIES
  bson_ext
  faker
  mongo
  rake
